GEM
  remote: https://rubygems.org/
  specs:
    byebug (11.1.3)
    date (3.1.3)
    diff-lcs (1.5.0)
    fileutils (1.5.0)
    optparse (0.1.1)
    rspec (3.12.0)
      rspec-core (~> 3.12.0)
      rspec-expectations (~> 3.12.0)
      rspec-mocks (~> 3.12.0)
    rspec-core (3.12.0)
      rspec-support (~> 3.12.0)
    rspec-expectations (3.12.0)
      diff-lcs (>= 1.2.0, < 2.0)
      rspec-support (~> 3.12.0)
    rspec-mocks (3.12.0)
      diff-lcs (>= 1.2.0, < 2.0)
      rspec-support (~> 3.12.0)
    rspec-support (3.12.0)
    timecop (0.9.5)
    zeitwerk (2.6.6)

PLATFORMS
  arm64-darwin-21

DEPENDENCIES
  byebug
  date
  fileutils
  optparse
  rspec
  timecop
  zeitwerk

BUNDLED WITH
   2.3.25
